GEM
  remote: https://rubygems.org/
  specs:
    httparty (0.16.0)
      multi_xml (>= 0.5.2)
    isaac (0.2.6)
    json (2.1.0)
    multi_xml (0.6.0)
    ruby-kafka (0.5.3)
    twitch (0.1.3)
      httparty
      json

PLATFORMS
  ruby

DEPENDENCIES
  isaac
  ruby-kafka
  twitch

BUNDLED WITH
   1.16.1
